GEM
  remote: http://rubygems.org/
  specs:
    actionmailer (2.3.8)
      actionpack (= 2.3.8)
    actionpack (2.3.8)
      activesupport (= 2.3.8)
      rack (~> 1.1.0)
    activerecord (2.3.8)
      activesupport (= 2.3.8)
    activeresource (2.3.8)
      activesupport (= 2.3.8)
    activesupport (2.3.8)
    cgi_multipart_eof_fix (2.5.0)
    columnize (0.3.2)
    daemons (1.1.0)
    fastthread (1.0.7)
    gem_plugin (0.2.3)
    json (1.4.6)
    koala (1.0.0.beta)
      json (>= 1.0)
      multipart-post (>= 1.0)
    linecache (0.43)
    mongrel (1.1.5)
      cgi_multipart_eof_fix (>= 2.4)
      daemons (>= 1.0.3)
      fastthread (>= 1.0.1)
      gem_plugin (>= 0.2.3)
    multipart-post (1.1.0)
    mysql (2.8.1)
    rack (1.1.0)
    rails (2.3.8)
      actionmailer (= 2.3.8)
      actionpack (= 2.3.8)
      activerecord (= 2.3.8)
      activeresource (= 2.3.8)
      activesupport (= 2.3.8)
      rake (>= 0.8.3)
    rake (0.8.7)
    ruby-debug (0.10.4)
      columnize (>= 0.1)
      ruby-debug-base (~> 0.10.4.0)
    ruby-debug-base (0.10.4)
      linecache (>= 0.3)

PLATFORMS
  ruby

DEPENDENCIES
  koala (~> 1.0.0.beta)
  mongrel (= 1.1.5)
  mysql (= 2.8.1)
  rails (= 2.3.8)
  ruby-debug (= 0.10.4)
